GIT
  remote: git://github.com/nshb/active_column.git
  revision: 1868c322134bad33965fb7765307ed1dccc8e218
  specs:
    active_column (0.2)
      cassandra (>= 0.12)
      rake
      simple_uuid (~> 0.2.0)

GIT
  remote: git://github.com/nshb/cassandra.git
  revision: 4bca4c8f0dc7392306197b47ad5163fc16439540
  specs:
    cassandra (0.12.2)
      json
      rake
      simple_uuid (~> 0.2.0)
      thrift_client (>= 0.7.0, < 0.9)

GEM
  remote: http://rubygems.org/
  specs:
    ZenTest (4.8.0)
    activemodel (3.1.4)
      activesupport (= 3.1.4)
      builder (~> 3.0.0)
      i18n (~> 0.6)
    activerecord (3.1.4)
      activemodel (= 3.1.4)
      activesupport (= 3.1.4)
      arel (~> 2.2.3)
      tzinfo (~> 0.3.29)
    activesupport (3.1.4)
      multi_json (~> 1.0)
    addressable (2.2.8)
    arel (2.2.3)
    bson (1.6.2)
    bson_ext (1.0.9)
    builder (3.0.0)
    columnize (0.3.6)
    couch_potato (0.3.0)
      couchrest (>= 0.24)
      json
    couchrest (1.1.2)
      mime-types (~> 1.15)
      multi_json (~> 1.0.0)
      rest-client (~> 1.6.1)
    cucumber (1.2.0)
      builder (>= 2.1.2)
      diff-lcs (>= 1.1.3)
      gherkin (~> 2.10.0)
      json (>= 1.4.6)
    data_objects (0.10.8)
      addressable (~> 2.1)
    datamapper (1.0.0)
      dm-aggregates (= 1.0.0)
      dm-constraints (= 1.0.0)
      dm-core (= 1.0.0)
      dm-core (= 1.0.0)
      dm-migrations (= 1.0.0)
      dm-serializer (= 1.0.0)
      dm-timestamps (= 1.0.0)
      dm-transactions (= 1.0.0)
      dm-types (= 1.0.0)
      dm-validations (= 1.0.0)
    diff-lcs (1.1.3)
    dm-aggregates (1.0.0)
      dm-core (~> 1.0.0)
    dm-constraints (1.0.0)
      dm-core (~> 1.0.0)
      dm-migrations (~> 1.0.0)
    dm-core (1.0.0)
      addressable (~> 2.1)
      extlib (~> 0.9.15)
    dm-do-adapter (1.0.0)
      data_objects (~> 0.10.1)
      dm-core (~> 1.0.0)
    dm-migrations (1.0.0)
      dm-core (~> 1.0.0)
    dm-serializer (1.0.0)
      dm-core (~> 1.0.0)
      fastercsv (~> 1.5.3)
      json_pure (~> 1.4.3)
    dm-sqlite-adapter (1.0.0)
      dm-do-adapter (~> 1.0.0)
      do_sqlite3 (~> 0.10.2)
    dm-timestamps (1.0.0)
      dm-core (~> 1.0.0)
    dm-transactions (1.0.0)
      dm-core (~> 1.0.0)
    dm-types (1.0.0)
      dm-core (~> 1.0.0)
      fastercsv (~> 1.5.3)
      json_pure (~> 1.4.3)
      stringex (~> 1.1.0)
      uuidtools (~> 2.1.1)
    dm-validations (1.0.0)
      dm-core (~> 1.0.0)
    do_sqlite3 (0.10.8)
      data_objects (= 0.10.8)
    extlib (0.9.15)
    fastercsv (1.5.5)
    ffi (1.0.9)
    gherkin (2.10.0)
      json (>= 1.4.6)
    git (1.2.5)
    growl (1.0.3)
    i18n (0.6.0)
    jeweler (1.8.3)
      bundler (~> 1.0)
      git (>= 1.2.5)
      rake
      rdoc
    json (1.7.3)
    json_pure (1.4.6)
    libnotify (0.2.0)
      ffi (>= 0.6.2)
    linecache (0.46)
      rbx-require-relative (> 0.0.4)
    mime-types (1.18)
    mongo (1.6.2)
      bson (~> 1.6.2)
    mongo_mapper (0.11.1)
      activemodel (~> 3.0)
      activesupport (~> 3.0)
      plucky (~> 0.4.0)
    mongoid (2.4.10)
      activemodel (~> 3.1)
      mongo (~> 1.3)
      tzinfo (~> 0.3.22)
    multi_json (1.0.4)
    plucky (0.4.4)
      mongo (~> 1.5)
    rake (0.9.1)
    rb-inotify (0.8.1)
      ffi (>= 0.5.0)
    rbx-require-relative (0.0.9)
    rcov (0.9.8)
    rdoc (3.12)
      json (~> 1.4)
    rest-client (1.6.7)
      mime-types (>= 1.16)
    rspactor (0.7.0.beta.6)
      bundler (>= 1.0.0.rc.5)
      growl (>= 1.0.3)
      libnotify (>= 0.1.3)
      rb-inotify
      sys-uname (>= 0.8.4)
      trollop (>= 1.16.2)
    rspec (1.3.0)
    ruby-debug (0.10.4)
      columnize (>= 0.1)
      ruby-debug-base (~> 0.10.4.0)
    ruby-debug-base (0.10.4)
      linecache (>= 0.3)
    sequel (3.21.0)
    simple_uuid (0.2.0)
    sqlite3 (1.3.6)
    sqlite3-ruby (1.3.3)
      sqlite3 (>= 1.3.3)
    stringex (1.1.0)
    sys-uname (0.8.4)
    thrift (0.8.0)
    thrift_client (0.8.1)
      thrift (~> 0.8.0)
    trollop (1.16.2)
    tzinfo (0.3.29)
    uuidtools (2.1.2)

PLATFORMS
  ruby

DEPENDENCIES
  ZenTest
  active_column!
  activerecord (= 3.1.4)
  bson_ext (= 1.0.9)
  bundler
  cassandra!
  couch_potato (= 0.3.0)
  cucumber
  datamapper (= 1.0.0)
  dm-migrations (= 1.0.0)
  dm-sqlite-adapter (= 1.0.0)
  jeweler
  json_pure
  mongo_mapper (= 0.11.1)
  mongoid (= 2.4.10)
  rake (= 0.9.1)
  rcov (= 0.9.8)
  rspactor (= 0.7.0.beta.6)
  rspec (= 1.3.0)
  ruby-debug
  sequel (~> 3.21.0)
  sqlite3-ruby
  tzinfo (= 0.3.29)
